GEM
  remote: https://rubygems.org/
  specs:
    foundation (1.0.4)
      thor (>= 0.18.1)
    rack (1.5.2)
    rack-protection (1.5.2)
      rack
    shotgun (0.9)
      rack (>= 1.0)
    sinatra (1.4.4)
      rack (~> 1.4)
      rack-protection (~> 1.4)
      tilt (~> 1.3, >= 1.3.4)
    thor (0.19.0)
    tilt (1.4.1)

PLATFORMS
  ruby

DEPENDENCIES
  foundation
  shotgun
  sinatra
